GIT
  remote: https://github.com/NYULibraries/lib_guides-api.git
  revision: 05a93d7036fa6441c9e5e53809069fd46f5b233b
  tag: v1.0.0
  specs:
    lib_guides-api (0.0.0)
      faraday (>= 0.11)
      json

GEM
  remote: https://rubygems.org/
  specs:
    coderay (1.1.1)
    coveralls (0.8.21)
      json (>= 1.8, < 3)
      simplecov (~> 0.14.1)
      term-ansicolor (~> 1.3)
      thor (~> 0.19.4)
      tins (~> 1.6)
    diff-lcs (1.3)
    docile (1.1.5)
    faraday (0.14.0)
      multipart-post (>= 1.2, < 3)
    json (2.1.0)
    method_source (0.8.2)
    multipart-post (2.0.0)
    pry (0.10.4)
      coderay (~> 1.1.0)
      method_source (~> 0.8.1)
      slop (~> 3.4)
    rake (13.0.1)
    rspec (3.6.0)
      rspec-core (~> 3.6.0)
      rspec-expectations (~> 3.6.0)
      rspec-mocks (~> 3.6.0)
    rspec-core (3.6.0)
      rspec-support (~> 3.6.0)
    rspec-expectations (3.6.0)
      diff-lcs (>= 1.2.0, < 2.0)
      rspec-support (~> 3.6.0)
    rspec-its (1.2.0)
      rspec-core (>= 3.0.0)
      rspec-expectations (>= 3.0.0)
    rspec-mocks (3.6.0)
      diff-lcs (>= 1.2.0, < 2.0)
      rspec-support (~> 3.6.0)
    rspec-support (3.6.0)
    simplecov (0.14.1)
      docile (~> 1.1.0)
      json (>= 1.8, < 3)
      simplecov-html (~> 0.10.0)
    simplecov-html (0.10.1)
    slop (3.6.0)
    term-ansicolor (1.6.0)
      tins (~> 1.0)
    thor (0.19.4)
    tins (1.14.0)

PLATFORMS
  ruby

DEPENDENCIES
  coveralls
  lib_guides-api!
  pry
  rake (~> 13)
  rspec (~> 3.6)
  rspec-its (~> 1)

BUNDLED WITH
   1.17.2

